GEM
  remote: https://rubygems.org/
  specs:
    daemons (1.1.9)
    eventmachine (1.0.1)
    json (1.7.7)
    rack (1.5.2)
    rack-protection (1.4.0)
      rack
    redcarpet (2.2.2)
    ruby-oembed (0.8.8)
    sinatra (1.3.5)
      rack (~> 1.4)
      rack-protection (~> 1.3)
      tilt (~> 1.3, >= 1.3.3)
    thin (1.5.0)
      daemons (>= 1.0.9)
      eventmachine (>= 0.12.6)
      rack (>= 1.0.0)
    tilt (1.3.4)

PLATFORMS
  ruby

DEPENDENCIES
  json
  redcarpet
  ruby-oembed
  sinatra
  thin
